{
    "Modality": "MR",
    "MagneticFieldStrength": 3,
    "ImagingFrequency": 123.26,
    "Manufacturer": "Siemens",
    "ManufacturersModelName": "Prisma_fit",
    "InstitutionName": "H_Albert_Einstein",
    "InstitutionalDepartmentName": "Department",
    "InstitutionAddress": "-_-_Sao_Paulo_District_BR_-",
    "DeviceSerialNumber": "67047",
    "StationName": "MRC35223",
    "BodyPartExamined": "BRAIN",
    "PatientPosition": "HFS",
    "ProcedureStepDescription": "Pesquisa_Prisma_Distonia",
    "SoftwareVersions": "syngo_MR_E11",
    "MRAcquisitionType": "2D",
    "SeriesDescription": "DTI_phase_PA",
    "ProtocolName": "DTI_phase_PA",
    "ScanningSequence": "EP",
    "SequenceVariant": "SK_SS",
    "ScanOptions": "PFP_FS",
    "SequenceName": "ep_b5#1",
    "ImageType": [
        "ORIGINAL",
        "PRIMARY",
        "DIFFUSION",
        "NONE",
        "MB",
        "ND",
        "NORM"
    ],
    "SeriesNumber": 10,
    "AcquisitionTime": "09:36:50.872500",
    "AcquisitionNumber": 1,
    "ImageComments": "Unaliased_MB3_PE3_LB",
    "SliceThickness": 2,
    "SpacingBetweenSlices": 2,
    "SAR": 0.186319,
    "EchoTime": 0.0842,
    "RepetitionTime": 3.151,
    "FlipAngle": 90,
    "PartialFourier": 0.75,
    "BaseResolution": 128,
    "ShimSetting": [
        5266,
        -4259,
        -952,
        411,
        540,
        -263,
        -78,
        -174
    ],
    "TxRefAmp": 227.523,
    "PhaseResolution": 1,
    "ReceiveCoilName": "HeadNeck_64",
    "ReceiveCoilActiveElements": "HC1-6",
    "PulseSequenceDetails": "%CustomerSeq%_cmrr_mbep2d_diff",
    "WipMemBlock": "b589f972-6b09-4843-bf7a-c5b69fd4ce9b||Sequence: R016 ve11c/master r/e634e98; Dec 19 2017 11:11:25 by eja",
    "ConsistencyInfo": "N4_VE11C_LATEST_20160120",
    "PercentPhaseFOV": 100,
    "EchoTrainLength": 96,
    "PhaseEncodingSteps": 96,
    "AcquisitionMatrixPE": 128,
    "ReconMatrixPE": 128,
    "BandwidthPerPixelPhaseEncode": 13.706,
    "EffectiveEchoSpacing": 0.000570006,
    "DerivedVendorReportedEchoSpacing": 0.000570006,
    "TotalReadoutTime": 0.0723907,
    "PixelBandwidth": 2170,
    "DwellTime": 1.8e-06,
    "PhaseEncodingDirection": "j",
    "ImageOrientationPatientDICOM": [
        1,
        0,
        0,
        0,
        1,
        0
    ],
    "InPlanePhaseEncodingDirectionDICOM": "COL",
    "ConversionSoftware": "dcm2niix",
    "ConversionSoftwareVersion": "v1.0.20181114  Clang4.0.1",
    "Dcm2bidsVersion": "2.1.6"
}