{
	"Modality": "MR",
	"MagneticFieldStrength": 3,
	"ImagingFrequency": 123.254,
	"Manufacturer": "Siemens",
	"ManufacturersModelName": "Prisma_fit",
	"InstitutionName": "H_Albert_Einstein",
	"InstitutionalDepartmentName": "Department",
	"InstitutionAddress": "-_-_Sao_Paulo_District_BR_-",
	"DeviceSerialNumber": "67047",
	"StationName": "MRC35223",
	"BodyPartExamined": "HEAD",
	"PatientPosition": "HFS",
	"ProcedureStepDescription": "Pesquisa_Prisma_Distonia",
	"SoftwareVersions": "syngo_MR_D13D",
	"MRAcquisitionType": "2D",
	"SeriesDescription": "REST_STATE_(OLHO_ABERTO)",
	"ProtocolName": "REST_STATE_(OLHO_ABERTO)",
	"ScanningSequence": "EP",
	"SequenceVariant": "SK",
	"ScanOptions": "PFP_FS",
	"SequenceName": "_epfid2d1_84",
	"ImageType": ["ORIGINAL", "PRIMARY", "M", "ND", "NORM", "MOSAIC"],
	"SeriesNumber": 10,
	"AcquisitionTime": "14:36:13.212500",
	"AcquisitionNumber": 1,
	"SliceThickness": 2.5,
	"SpacingBetweenSlices": 3.125,
	"SAR": 0.067536,
	"EchoNumber": 1,
	"EchoTime": 0.025,
	"RepetitionTime": 2,
	"FlipAngle": 67,
	"PartialFourier": 0.75,
	"BaseResolution": 84,
	"ShimSetting": [
		5280,
		-4263,
		-949,
		267,
		246,
		-71,
		-52,
		-225	],
	"TxRefAmp": 230.912,
	"PhaseResolution": 1,
	"ReceiveCoilName": "HeadNeck_64",
	"ReceiveCoilActiveElements": "HC1-7",
	"PulseSequenceDetails": "%SiemensSeq%_ep2d_pace",
	"ConsistencyInfo": "N4_VD13D_LATEST_20130810",
	"PercentPhaseFOV": 100,
	"EchoTrainLength": 16,
	"PhaseEncodingSteps": 62,
	"AcquisitionMatrixPE": 84,
	"ReconMatrixPE": 84,
	"BandwidthPerPixelPhaseEncode": 93.371,
	"ParallelReductionFactorInPlane": 4,
	"EffectiveEchoSpacing": 0.0001275,
	"DerivedVendorReportedEchoSpacing": 0.000509998,
	"TotalReadoutTime": 0.0105825,
	"PixelBandwidth": 2480,
	"DwellTime": 2.4e-06,
	"PhaseEncodingDirection": "j-",
	"SliceTiming": [
		0.99,
		0,
		1.0375,
		0.0475,
		1.085,
		0.095,
		1.13,
		0.14,
		1.1775,
		0.1875,
		1.225,
		0.235,
		1.2725,
		0.2825,
		1.32,
		0.33,
		1.3675,
		0.3775,
		1.415,
		0.425,
		1.46,
		0.47,
		1.5075,
		0.5175,
		1.555,
		0.565,
		1.6025,
		0.6125,
		1.65,
		0.66,
		1.6975,
		0.7075,
		1.745,
		0.755,
		1.79,
		0.8,
		1.8375,
		0.8475,
		1.885,
		0.895,
		1.9325,
		0.9425	],
	"ImageOrientationPatientDICOM": [
		0.998357,
		-0.00540207,
		-0.0570534,
		-1.50432e-08,
		0.995547,
		-0.0942632	],
	"InPlanePhaseEncodingDirectionDICOM": "COL",
	"ConversionSoftware": "dcm2niix",
	"ConversionSoftwareVersion": "v1.0.20181114  Clang4.0.1",
	"TaskName":"rest"
}
