{
    "Modality": "MR",
    "MagneticFieldStrength": 3,
    "ImagingFrequency": 123.255,
    "Manufacturer": "Siemens",
    "ManufacturersModelName": "Prisma_fit",
    "InstitutionName": "H_Albert_Einstein",
    "InstitutionalDepartmentName": "Department",
    "InstitutionAddress": "-_-_Sao_Paulo_District_BR_-",
    "DeviceSerialNumber": "67047",
    "StationName": "MRC35223",
    "BodyPartExamined": "HEAD",
    "PatientPosition": "HFS",
    "ProcedureStepDescription": "Pesquisa_Prisma_Distonia",
    "SoftwareVersions": "syngo_MR_D13D",
    "MRAcquisitionType": "2D",
    "SeriesDescription": "DTI_phase_PA",
    "ProtocolName": "DTI_phase_PA",
    "ScanningSequence": "EP",
    "SequenceVariant": "SK_SS",
    "ScanOptions": "PFP_FS",
    "SequenceName": "ep_b5#1",
    "ImageType": [
        "ORIGINAL",
        "PRIMARY",
        "DIFFUSION",
        "NONE",
        "MB",
        "ND",
        "NORM"
    ],
    "SeriesNumber": 10,
    "AcquisitionTime": "14:30:34.887500",
    "AcquisitionNumber": 1,
    "ImageComments": "Unaliased_MB3_PE3_LB",
    "SliceThickness": 2,
    "SpacingBetweenSlices": 2,
    "SAR": 0.217218,
    "EchoTime": 0.0842,
    "RepetitionTime": 3.151,
    "FlipAngle": 90,
    "PartialFourier": 0.75,
    "BaseResolution": 128,
    "ShimSetting": [
        5268,
        -4271,
        -974,
        178,
        264,
        -267,
        -11,
        -245
    ],
    "TxRefAmp": 286.759,
    "PhaseResolution": 1,
    "ReceiveCoilName": "HeadNeck_64",
    "ReceiveCoilActiveElements": "HC1-7",
    "PulseSequenceDetails": "%CustomerSeq%_cmrr_mbep2d_diff",
    "WipMemBlock": "25081292-ac5e-4e82-86b2-579d4a2ae299||Sequence: R016 vd13d/master r/9483a2f6; Dec 19 2017 12:22:03 by eja",
    "ConsistencyInfo": "N4_VD13D_LATEST_20130810",
    "PercentPhaseFOV": 100,
    "EchoTrainLength": 96,
    "PhaseEncodingSteps": 96,
    "AcquisitionMatrixPE": 128,
    "ReconMatrixPE": 128,
    "BandwidthPerPixelPhaseEncode": 13.706,
    "EffectiveEchoSpacing": 0.000570006,
    "DerivedVendorReportedEchoSpacing": 0.000570006,
    "TotalReadoutTime": 0.0723907,
    "PixelBandwidth": 2170,
    "DwellTime": 1.8e-06,
    "PhaseEncodingDirection": "j",
    "ImageOrientationPatientDICOM": [
        0.999264,
        0.00174081,
        0.0383088,
        6.7474e-08,
        0.998969,
        -0.0453964
    ],
    "InPlanePhaseEncodingDirectionDICOM": "COL",
    "ConversionSoftware": "dcm2niix",
    "ConversionSoftwareVersion": "v1.0.20181114  Clang4.0.1",
    "Dcm2bidsVersion": "2.1.6"
}