{
	"Modality": "MR",
	"MagneticFieldStrength": 3,
	"ImagingFrequency": 123.254,
	"Manufacturer": "Siemens",
	"ManufacturersModelName": "Prisma_fit",
	"InstitutionName": "H Albert Einstein",
	"InstitutionalDepartmentName": "Department",
	"InstitutionAddress": "- -,Sao Paulo,District,BR,-",
	"DeviceSerialNumber": "67047",
	"StationName": "MRC35223",
	"BodyPartExamined": "HEAD",
	"PatientPosition": "HFS",
	"ProcedureStepDescription": "Pesquisa_Prisma^Distonia",
	"SoftwareVersions": "syngo MR D13D",
	"MRAcquisitionType": "2D",
	"SeriesDescription": "Rest_MB8_TR900_(OLHO_ABERTO)",
	"ProtocolName": "Rest_MB8_TR900_(OLHO_ABERTO)",
	"ScanningSequence": "EP",
	"SequenceVariant": "SK\\SS",
	"ScanOptions": "PFP\\FS",
	"SequenceName": "epfid2d1_104",
	"ImageType": ["ORIGINAL", "PRIMARY", "M", "MB", "ND", "NORM", "MOSAIC"],
	"NonlinearGradientCorrection": false,
	"SeriesNumber": 10,
	"AcquisitionTime": "14:09:26.865000",
	"AcquisitionNumber": 1,
	"ImageComments": "Unaliased MB8/PE3",
	"SliceThickness": 2,
	"SpacingBetweenSlices": 2.2,
	"SAR": 0.0345307,
	"EchoTime": 0.033,
	"RepetitionTime": 0.9,
	"FlipAngle": 52,
	"PartialFourier": 0.75,
	"BaseResolution": 104,
	"ShimSetting": [
		5260,
		-4215,
		-984,
		274,
		275,
		-128,
		-1,
		-233	],
	"TxRefAmp": 234.937,
	"PhaseResolution": 1,
	"ReceiveCoilName": "HeadNeck_64",
	"ReceiveCoilActiveElements": "HC1-7",
	"PulseSequenceDetails": "%CustomerSeq%\\cmrr_mbep2d_bold",
	"WipMemBlock": "7f2a71eb-68f5-4fd8-9567-b1d9bf14eb29||Sequence: vd13d/master r/0d08c20; Mar  9 2017 09:28:48 by eja",
	"CoilCombinationMethod": "Sum of Squares",
	"ConsistencyInfo": "N4_VD13D_LATEST_20130810",
	"MatrixCoilMode": "SENSE",
	"MultibandAccelerationFactor": 8,
	"PercentPhaseFOV": 100,
	"PercentSampling": 100,
	"EchoTrainLength": 78,
	"PhaseEncodingSteps": 78,
	"AcquisitionMatrixPE": 104,
	"ReconMatrixPE": 104,
	"BandwidthPerPixelPhaseEncode": 16.578,
	"EffectiveEchoSpacing": 0.000580009,
	"DerivedVendorReportedEchoSpacing": 0.000580009,
	"TotalReadoutTime": 0.0597409,
	"PixelBandwidth": 2290,
	"DwellTime": 2.1e-06,
	"PhaseEncodingDirection": "j",
	"SliceTiming": [
		0,
		0.49,
		0.1,
		0.5875,
		0.1975,
		0.685,
		0.295,
		0.7825,
		0.3925,
		0,
		0.49,
		0.1,
		0.5875,
		0.1975,
		0.685,
		0.295,
		0.7825,
		0.3925,
		0,
		0.49,
		0.1,
		0.5875,
		0.1975,
		0.685,
		0.295,
		0.7825,
		0.3925,
		0,
		0.49,
		0.1,
		0.5875,
		0.1975,
		0.685,
		0.295,
		0.7825,
		0.3925,
		0,
		0.49,
		0.1,
		0.5875,
		0.1975,
		0.685,
		0.295,
		0.7825,
		0.3925,
		0,
		0.49,
		0.1,
		0.5875,
		0.1975,
		0.685,
		0.295,
		0.7825,
		0.3925,
		0,
		0.49,
		0.1,
		0.5875,
		0.1975,
		0.685,
		0.295,
		0.7825,
		0.3925,
		0,
		0.49,
		0.1,
		0.5875,
		0.1975,
		0.685,
		0.295,
		0.7825,
		0.3925	],
	"ImageOrientationPatientDICOM": [
		1,
		0,
		0,
		0,
		0.978509,
		-0.206204	],
	"ImageOrientationText": "Tra>Cor(-11.9)",
	"InPlanePhaseEncodingDirectionDICOM": "COL",
	"ConversionSoftware": "dcm2niix",
	"ConversionSoftwareVersion": "v1.0.20220720",
	"TaskName": "rest"
}
