{
    "Modality": "MR",
    "MagneticFieldStrength": 3,
    "ImagingFrequency": 123.254,
    "Manufacturer": "Siemens",
    "ManufacturersModelName": "Prisma_fit",
    "InstitutionName": "H_Albert_Einstein",
    "InstitutionalDepartmentName": "Department",
    "InstitutionAddress": "-_-_Sao_Paulo_District_BR_-",
    "DeviceSerialNumber": "67047",
    "StationName": "MRC35223",
    "BodyPartExamined": "BRAIN",
    "PatientPosition": "HFS",
    "ProcedureStepDescription": "Pesquisa_Prisma_Distonia",
    "SoftwareVersions": "syngo_MR_E11",
    "MRAcquisitionType": "2D",
    "SeriesDescription": "Rest_MB8_TR900_(OLHO_ABERTO)_AP",
    "ProtocolName": "Rest_MB8_TR900_(OLHO_ABERTO)_AP",
    "ScanningSequence": "EP",
    "SequenceVariant": "SK_SS",
    "ScanOptions": "PFP_FS",
    "SequenceName": "epfid2d1_104",
    "ImageType": [
        "ORIGINAL",
        "PRIMARY",
        "M",
        "MB",
        "ND",
        "NORM",
        "MOSAIC"
    ],
    "SeriesNumber": 15,
    "AcquisitionTime": "15:02:27.417500",
    "AcquisitionNumber": 1,
    "ImageComments": "Unaliased_MB8_PE3",
    "SliceThickness": 2,
    "SpacingBetweenSlices": 2.2,
    "SAR": 0.0327457,
    "EchoTime": 0.033,
    "RepetitionTime": 0.9,
    "FlipAngle": 52,
    "PartialFourier": 0.75,
    "BaseResolution": 104,
    "ShimSetting": [
        5276,
        -4262,
        -921,
        548,
        499,
        -361,
        -97,
        -276
    ],
    "TxRefAmp": 221.956,
    "PhaseResolution": 1,
    "ReceiveCoilName": "HeadNeck_64",
    "ReceiveCoilActiveElements": "HC1-7",
    "PulseSequenceDetails": "%CustomerSeq%_cmrr_mbep2d_bold",
    "WipMemBlock": "fecc403e-7e2e-4596-9a81-c15e8b85a338||Sequence: R016 ve11c/master r/e634e98; Dec 19 2017 11:00:25 by eja",
    "ConsistencyInfo": "N4_VE11C_LATEST_20160120",
    "MultibandAccelerationFactor": 8,
    "PercentPhaseFOV": 100,
    "EchoTrainLength": 78,
    "PhaseEncodingSteps": 78,
    "AcquisitionMatrixPE": 104,
    "ReconMatrixPE": 104,
    "BandwidthPerPixelPhaseEncode": 12.652,
    "EffectiveEchoSpacing": 0.000759989,
    "DerivedVendorReportedEchoSpacing": 0.000759989,
    "TotalReadoutTime": 0.0782789,
    "PixelBandwidth": 2290,
    "DwellTime": 2.1e-06,
    "PhaseEncodingDirection": "j",
    "SliceTiming": [
        0,
        0.4875,
        0.0975,
        0.585,
        0.195,
        0.6825,
        0.2925,
        0.78,
        0.39,
        0,
        0.4875,
        0.0975,
        0.585,
        0.195,
        0.6825,
        0.2925,
        0.78,
        0.39,
        0,
        0.4875,
        0.0975,
        0.585,
        0.195,
        0.6825,
        0.2925,
        0.78,
        0.39,
        0,
        0.4875,
        0.0975,
        0.585,
        0.195,
        0.6825,
        0.2925,
        0.78,
        0.39,
        0,
        0.4875,
        0.0975,
        0.585,
        0.195,
        0.6825,
        0.2925,
        0.78,
        0.39,
        0,
        0.4875,
        0.0975,
        0.585,
        0.195,
        0.6825,
        0.2925,
        0.78,
        0.39,
        0,
        0.4875,
        0.0975,
        0.585,
        0.195,
        0.6825,
        0.2925,
        0.78,
        0.39,
        0,
        0.4875,
        0.0975,
        0.585,
        0.195,
        0.6825,
        0.2925,
        0.78,
        0.39
    ],
    "ImageOrientationPatientDICOM": [
        1,
        0,
        0,
        0,
        0.994703,
        -0.102793
    ],
    "InPlanePhaseEncodingDirectionDICOM": "COL",
    "ConversionSoftware": "dcm2niix",
    "ConversionSoftwareVersion": "v1.0.20181114  Clang4.0.1",
    "Dcm2bidsVersion": "2.1.6",
    "TaskName": "rest"
}