{
    "Modality": "MR",
    "MagneticFieldStrength": 3,
    "ImagingFrequency": 123.255,
    "Manufacturer": "Siemens",
    "ManufacturersModelName": "Prisma_fit",
    "InstitutionName": "H_Albert_Einstein",
    "InstitutionalDepartmentName": "Department",
    "InstitutionAddress": "-_-_Sao_Paulo_District_BR_-",
    "DeviceSerialNumber": "67047",
    "StationName": "MRC35223",
    "BodyPartExamined": "HEAD",
    "PatientPosition": "HFS",
    "ProcedureStepDescription": "Pesquisa_Prisma_Distonia",
    "SoftwareVersions": "syngo_MR_D13D",
    "MRAcquisitionType": "2D",
    "SeriesDescription": "Rest_MB8_TR900_(OLHO_ABERTO)_AP",
    "ProtocolName": "Rest_MB8_TR900_(OLHO_ABERTO)_AP",
    "ScanningSequence": "EP",
    "SequenceVariant": "SK_SS",
    "ScanOptions": "PFP_FS",
    "SequenceName": "epfid2d1_104",
    "ImageType": [
        "ORIGINAL",
        "PRIMARY",
        "M",
        "MB",
        "ND",
        "NORM",
        "MOSAIC"
    ],
    "SeriesNumber": 11,
    "AcquisitionTime": "14:42:27.887500",
    "AcquisitionNumber": 1,
    "ImageComments": "Unaliased_MB8_PE3",
    "SliceThickness": 2,
    "SpacingBetweenSlices": 2.2,
    "SAR": 0.0433708,
    "EchoTime": 0.033,
    "RepetitionTime": 0.9,
    "FlipAngle": 52,
    "PartialFourier": 0.75,
    "BaseResolution": 104,
    "ShimSetting": [
        5270,
        -4186,
        -973,
        191,
        299,
        -165,
        83,
        -233
    ],
    "TxRefAmp": 280.086,
    "PhaseResolution": 1,
    "ReceiveCoilName": "HeadNeck_64",
    "ReceiveCoilActiveElements": "HC1-7;NC1",
    "PulseSequenceDetails": "%CustomerSeq%_cmrr_mbep2d_bold",
    "WipMemBlock": "2de40dc5-1997-4dbe-add2-1343aec896c9||Sequence: R016 vd13d/master r/9483a2f6; Dec 19 2017 12:17:24 by eja",
    "ConsistencyInfo": "N4_VD13D_LATEST_20130810",
    "MultibandAccelerationFactor": 8,
    "PercentPhaseFOV": 100,
    "EchoTrainLength": 78,
    "PhaseEncodingSteps": 78,
    "AcquisitionMatrixPE": 104,
    "ReconMatrixPE": 104,
    "BandwidthPerPixelPhaseEncode": 16.578,
    "EffectiveEchoSpacing": 0.000580009,
    "DerivedVendorReportedEchoSpacing": 0.000580009,
    "TotalReadoutTime": 0.0597409,
    "PixelBandwidth": 2290,
    "DwellTime": 2.1e-06,
    "PhaseEncodingDirection": "j",
    "SliceTiming": [
        0,
        0.49,
        0.0975,
        0.5875,
        0.195,
        0.685,
        0.2925,
        0.7825,
        0.3925,
        0,
        0.49,
        0.0975,
        0.5875,
        0.195,
        0.685,
        0.2925,
        0.7825,
        0.3925,
        0,
        0.49,
        0.0975,
        0.5875,
        0.195,
        0.685,
        0.2925,
        0.7825,
        0.3925,
        0,
        0.49,
        0.0975,
        0.5875,
        0.195,
        0.685,
        0.2925,
        0.7825,
        0.3925,
        0,
        0.49,
        0.0975,
        0.5875,
        0.195,
        0.685,
        0.2925,
        0.7825,
        0.3925,
        0,
        0.49,
        0.0975,
        0.5875,
        0.195,
        0.685,
        0.2925,
        0.7825,
        0.3925,
        0,
        0.49,
        0.0975,
        0.5875,
        0.195,
        0.685,
        0.2925,
        0.7825,
        0.3925,
        0,
        0.49,
        0.0975,
        0.5875,
        0.195,
        0.685,
        0.2925,
        0.7825,
        0.3925
    ],
    "ImageOrientationPatientDICOM": [
        0.999907,
        -0.0028842,
        -0.0133386,
        1.68001e-08,
        0.977412,
        -0.211344
    ],
    "InPlanePhaseEncodingDirectionDICOM": "COL",
    "ConversionSoftware": "dcm2niix",
    "ConversionSoftwareVersion": "v1.0.20181114  Clang4.0.1",
    "Dcm2bidsVersion": "2.1.6",
    "TaskName": "rest"
}