{
	"Modality": "MR",
	"MagneticFieldStrength": 3,
	"ImagingFrequency": 123.254,
	"Manufacturer": "Siemens",
	"ManufacturersModelName": "Prisma_fit",
	"InstitutionName": "H_Albert_Einstein",
	"InstitutionalDepartmentName": "Department",
	"InstitutionAddress": "-_-_Sao_Paulo_District_BR_-",
	"DeviceSerialNumber": "67047",
	"StationName": "MRC35223",
	"BodyPartExamined": "HEAD",
	"PatientPosition": "HFS",
	"ProcedureStepDescription": "Pesquisa_Prisma_Distonia",
	"SoftwareVersions": "syngo_MR_D13D",
	"MRAcquisitionType": "2D",
	"SeriesDescription": "DICOMcmrr_mbep2d_diff_2mm_MB3_68d_AP",
	"ProtocolName": "DICOMcmrr_mbep2d_diff_2mm_MB3_68d_AP",
	"ScanningSequence": "EP",
	"SequenceVariant": "SK_SS",
	"ScanOptions": "PFP_FS",
	"SequenceName": "ep_b5#1",
	"ImageType": ["ORIGINAL", "PRIMARY", "DIFFUSION", "NONE", "MB", "ND", "NORM"],
	"SeriesNumber": 13,
	"AcquisitionTime": "14:41:59.772500",
	"AcquisitionNumber": 1,
	"ImageComments": "Unaliased_MB3_PE3_LB",
	"SliceThickness": 2,
	"SpacingBetweenSlices": 2,
	"SAR": 0.258787,
	"EchoTime": 0.0842,
	"RepetitionTime": 3.151,
	"FlipAngle": 90,
	"PartialFourier": 0.75,
	"BaseResolution": 128,
	"ShimSetting": [
		5269,
		-4208,
		-962,
		272,
		206,
		-187,
		13,
		-251	],
	"DiffusionScheme": "Bipolar",
	"TxRefAmp": 212.525,
	"PhaseResolution": 1,
	"ReceiveCoilName": "HeadNeck_64",
	"ReceiveCoilActiveElements": "HC1-7",
	"PulseSequenceDetails": "%CustomerSeq%_cmrr_mbep2d_diff",
	"WipMemBlock": "3ae21a74-d7ae-43ef-8e3f-84b724c79b7a||Sequence: R016 vd13d/master r/9483a2f6; Dec 19 2017 12:22:03 by eja",
	"ConsistencyInfo": "N4_VD13D_LATEST_20130810",
	"MultibandAccelerationFactor": 3,
	"PercentPhaseFOV": 100,
	"PercentSampling": 100,
	"EchoTrainLength": 96,
	"PhaseEncodingSteps": 96,
	"AcquisitionMatrixPE": 128,
	"ReconMatrixPE": 128,
	"BandwidthPerPixelPhaseEncode": 13.706,
	"EffectiveEchoSpacing": 0.000570006,
	"DerivedVendorReportedEchoSpacing": 0.000570006,
	"TotalReadoutTime": 0.0723907,
	"PixelBandwidth": 2170,
	"DwellTime": 1.8e-06,
	"PhaseEncodingDirection": "j-",
	"SliceTiming": [
		0,
		1.64062,
		0.14062,
		1.78125,
		0.28125,
		1.92188,
		0.42188,
		2.04688,
		0.54688,
		2.1875,
		0.6875,
		2.32812,
		0.82812,
		2.45312,
		0.96875,
		2.59375,
		1.09375,
		2.73438,
		1.23438,
		2.85938,
		1.375,
		3,
		1.5,
		0,
		1.64062,
		0.14062,
		1.78125,
		0.28125,
		1.92188,
		0.42188,
		2.04688,
		0.54688,
		2.1875,
		0.6875,
		2.32812,
		0.82812,
		2.45312,
		0.96875,
		2.59375,
		1.09375,
		2.73438,
		1.23438,
		2.85938,
		1.375,
		3,
		1.5,
		0,
		1.64062,
		0.14062,
		1.78125,
		0.28125,
		1.92188,
		0.42188,
		2.04688,
		0.54688,
		2.1875,
		0.6875,
		2.32812,
		0.82812,
		2.45312,
		0.96875,
		2.59375,
		1.09375,
		2.73438,
		1.23438,
		2.85938,
		1.375,
		3,
		1.5	],
	"ImageOrientationPatientDICOM": [
		0.999904,
		0.00154683,
		0.0137887,
		-3.27384e-08,
		0.993767,
		-0.11148	],
	"InPlanePhaseEncodingDirectionDICOM": "COL",
	"ConversionSoftware": "dcm2niix",
	"ConversionSoftwareVersion": "v1.0.20200331"
}
