{
    "Modality": "MR",
    "MagneticFieldStrength": 3,
    "ImagingFrequency": 123.254,
    "Manufacturer": "Siemens",
    "ManufacturersModelName": "Prisma_fit",
    "InstitutionName": "H_Albert_Einstein",
    "InstitutionalDepartmentName": "Department",
    "InstitutionAddress": "-_-_Sao_Paulo_District_BR_-",
    "DeviceSerialNumber": "67047",
    "StationName": "MRC35223",
    "BodyPartExamined": "HEAD",
    "PatientPosition": "HFS",
    "ProcedureStepDescription": "Pesquisa_Prisma_Distonia",
    "SoftwareVersions": "syngo_MR_D13D",
    "MRAcquisitionType": "2D",
    "SeriesDescription": "Rest_MB8_TR900_(OLHO_ABERTO)_AP",
    "ProtocolName": "Rest_MB8_TR900_(OLHO_ABERTO)_AP",
    "ScanningSequence": "EP",
    "SequenceVariant": "SK_SS",
    "ScanOptions": "PFP_FS",
    "SequenceName": "epfid2d1_104",
    "ImageType": [
        "ORIGINAL",
        "PRIMARY",
        "M",
        "MB",
        "ND",
        "NORM",
        "MOSAIC"
    ],
    "SeriesNumber": 11,
    "AcquisitionTime": "13:48:2.332500",
    "AcquisitionNumber": 1,
    "ImageComments": "Unaliased_MB8_PE3",
    "SliceThickness": 2,
    "SpacingBetweenSlices": 2.2,
    "SAR": 0.0360464,
    "EchoTime": 0.033,
    "RepetitionTime": 0.9,
    "FlipAngle": 52,
    "PartialFourier": 0.75,
    "BaseResolution": 104,
    "ShimSetting": [
        5271,
        -4239,
        -915,
        292,
        277,
        -252,
        160,
        -227
    ],
    "TxRefAmp": 232.85,
    "PhaseResolution": 1,
    "ReceiveCoilName": "HeadNeck_64",
    "ReceiveCoilActiveElements": "HC1-7",
    "PulseSequenceDetails": "%CustomerSeq%_cmrr_mbep2d_bold",
    "WipMemBlock": "36de9246-1fc4-46b8-99c8-d31ee56dc01d||Sequence: R016 vd13d/master r/9483a2f6; Dec 19 2017 12:17:24 by eja",
    "ConsistencyInfo": "N4_VD13D_LATEST_20130810",
    "MultibandAccelerationFactor": 8,
    "PercentPhaseFOV": 100,
    "EchoTrainLength": 78,
    "PhaseEncodingSteps": 78,
    "AcquisitionMatrixPE": 104,
    "ReconMatrixPE": 104,
    "BandwidthPerPixelPhaseEncode": 16.578,
    "EffectiveEchoSpacing": 0.000580009,
    "DerivedVendorReportedEchoSpacing": 0.000580009,
    "TotalReadoutTime": 0.0597409,
    "PixelBandwidth": 2290,
    "DwellTime": 2.1e-06,
    "PhaseEncodingDirection": "j",
    "SliceTiming": [
        0,
        0.4875,
        0.0975,
        0.585,
        0.195,
        0.6825,
        0.2925,
        0.7825,
        0.39,
        0,
        0.4875,
        0.0975,
        0.585,
        0.195,
        0.6825,
        0.2925,
        0.7825,
        0.39,
        0,
        0.4875,
        0.0975,
        0.585,
        0.195,
        0.6825,
        0.2925,
        0.7825,
        0.39,
        0,
        0.4875,
        0.0975,
        0.585,
        0.195,
        0.6825,
        0.2925,
        0.7825,
        0.39,
        0,
        0.4875,
        0.0975,
        0.585,
        0.195,
        0.6825,
        0.2925,
        0.7825,
        0.39,
        0,
        0.4875,
        0.0975,
        0.585,
        0.195,
        0.6825,
        0.2925,
        0.7825,
        0.39,
        0,
        0.4875,
        0.0975,
        0.585,
        0.195,
        0.6825,
        0.2925,
        0.7825,
        0.39,
        0,
        0.4875,
        0.0975,
        0.585,
        0.195,
        0.6825,
        0.2925,
        0.7825,
        0.39
    ],
    "ImageOrientationPatientDICOM": [
        0.999783,
        -0.00228469,
        -0.0206902,
        -3.22249e-08,
        0.993958,
        -0.109758
    ],
    "InPlanePhaseEncodingDirectionDICOM": "COL",
    "ConversionSoftware": "dcm2niix",
    "ConversionSoftwareVersion": "v1.0.20181114  Clang4.0.1",
    "Dcm2bidsVersion": "2.1.6",
    "TaskName": "rest"
}