{
    "Modality": "MR",
    "MagneticFieldStrength": 3,
    "ImagingFrequency": 123.26,
    "Manufacturer": "Siemens",
    "ManufacturersModelName": "Prisma_fit",
    "InstitutionName": "MO_RMPRISMA4_H_Albert_Einstein",
    "InstitutionalDepartmentName": "Department",
    "InstitutionAddress": "-_-_Sao_Paulo_District_BR_-",
    "DeviceSerialNumber": "67047",
    "StationName": "MRC35223",
    "BodyPartExamined": "BRAIN",
    "PatientPosition": "HFS",
    "ProcedureStepDescription": "Pesquisa_Prisma_Distonia",
    "SoftwareVersions": "syngo_MR_E11",
    "MRAcquisitionType": "2D",
    "SeriesDescription": "DICOMcmrr_mbep2d_diff_2mm_MB3_68d_AP",
    "ProtocolName": "DICOMcmrr_mbep2d_diff_2mm_MB3_68d_AP",
    "ScanningSequence": "EP",
    "SequenceVariant": "SK_SS",
    "ScanOptions": "PFP_FS",
    "SequenceName": "ep_b5#1",
    "ImageType": [
        "ORIGINAL",
        "PRIMARY",
        "DIFFUSION",
        "NONE",
        "MB",
        "ND",
        "NORM",
        "MOSAIC"
    ],
    "SeriesNumber": 11,
    "AcquisitionTime": "10:45:5.715000",
    "AcquisitionNumber": 1,
    "ImageComments": "Unaliased_MB3_PE3_LB",
    "SliceThickness": 2,
    "SpacingBetweenSlices": 2,
    "SAR": 0.369896,
    "EchoTime": 0.0842,
    "RepetitionTime": 3.151,
    "FlipAngle": 90,
    "PartialFourier": 0.75,
    "BaseResolution": 128,
    "ShimSetting": [
        5278,
        -4265,
        -944,
        255,
        596,
        -288,
        22,
        -127
    ],
    "TxRefAmp": 249.541,
    "PhaseResolution": 1,
    "ReceiveCoilName": "HeadNeck_64",
    "ReceiveCoilActiveElements": "HC1-6",
    "PulseSequenceDetails": "%CustomerSeq%_cmrr_mbep2d_diff",
    "WipMemBlock": "f17535b1-f945-42df-89c2-ef02cac0b1e7||Sequence: R016 ve11c/master r/e634e98; Dec 19 2017 11:11:25 by eja",
    "ConsistencyInfo": "N4_VE11C_LATEST_20160120",
    "MultibandAccelerationFactor": 3,
    "PercentPhaseFOV": 100,
    "EchoTrainLength": 96,
    "PhaseEncodingSteps": 96,
    "AcquisitionMatrixPE": 128,
    "ReconMatrixPE": 128,
    "BandwidthPerPixelPhaseEncode": 13.706,
    "EffectiveEchoSpacing": 0.000570006,
    "DerivedVendorReportedEchoSpacing": 0.000570006,
    "TotalReadoutTime": 0.0723907,
    "PixelBandwidth": 2170,
    "DwellTime": 1.8e-06,
    "PhaseEncodingDirection": "j-",
    "SliceTiming": [
        0,
        1.6325,
        0.135,
        1.77,
        0.2725,
        1.905,
        0.4075,
        2.04,
        0.545,
        2.1775,
        0.68,
        2.3125,
        0.815,
        2.45,
        0.9525,
        2.585,
        1.0875,
        2.7225,
        1.225,
        2.8575,
        1.36,
        2.995,
        1.4975,
        0,
        1.6325,
        0.135,
        1.77,
        0.2725,
        1.905,
        0.4075,
        2.04,
        0.545,
        2.1775,
        0.68,
        2.3125,
        0.815,
        2.45,
        0.9525,
        2.585,
        1.0875,
        2.7225,
        1.225,
        2.8575,
        1.36,
        2.995,
        1.4975,
        0,
        1.6325,
        0.135,
        1.77,
        0.2725,
        1.905,
        0.4075,
        2.04,
        0.545,
        2.1775,
        0.68,
        2.3125,
        0.815,
        2.45,
        0.9525,
        2.585,
        1.0875,
        2.7225,
        1.225,
        2.8575,
        1.36,
        2.995,
        1.4975
    ],
    "ImageOrientationPatientDICOM": [
        1,
        0,
        0,
        0,
        1,
        0
    ],
    "InPlanePhaseEncodingDirectionDICOM": "COL",
    "ConversionSoftware": "dcm2niix",
    "ConversionSoftwareVersion": "v1.0.20181114  Clang4.0.1",
    "Dcm2bidsVersion": "2.1.6"
}