{
    "Modality": "MR",
    "MagneticFieldStrength": 3,
    "ImagingFrequency": 123.254,
    "Manufacturer": "Siemens",
    "ManufacturersModelName": "Prisma_fit",
    "InstitutionName": "H_Albert_Einstein",
    "InstitutionalDepartmentName": "Department",
    "InstitutionAddress": "-_-_Sao_Paulo_District_BR_-",
    "DeviceSerialNumber": "67047",
    "StationName": "MRC35223",
    "BodyPartExamined": "HEAD",
    "PatientPosition": "HFS",
    "ProcedureStepDescription": "Pesquisa_Prisma_Distonia",
    "SoftwareVersions": "syngo_MR_D13D",
    "MRAcquisitionType": "2D",
    "SeriesDescription": "Rest_MB8_TR900_(OLHO_ABERTO)_AP",
    "ProtocolName": "Rest_MB8_TR900_(OLHO_ABERTO)_AP",
    "ScanningSequence": "EP",
    "SequenceVariant": "SK_SS",
    "ScanOptions": "PFP_FS",
    "SequenceName": "epfid2d1_104",
    "ImageType": [
        "ORIGINAL",
        "PRIMARY",
        "M",
        "MB",
        "ND",
        "NORM",
        "MOSAIC"
    ],
    "SeriesNumber": 9,
    "AcquisitionTime": "14:17:16.527500",
    "AcquisitionNumber": 1,
    "ImageComments": "Unaliased_MB8_PE3",
    "SliceThickness": 2,
    "SpacingBetweenSlices": 2.2,
    "SAR": 0.0307196,
    "EchoTime": 0.033,
    "RepetitionTime": 0.9,
    "FlipAngle": 52,
    "PartialFourier": 0.75,
    "BaseResolution": 104,
    "ShimSetting": [
        5263,
        -4187,
        -968,
        241,
        243,
        -339,
        -42,
        -278
    ],
    "TxRefAmp": 245.419,
    "PhaseResolution": 1,
    "ReceiveCoilName": "HeadNeck_64",
    "ReceiveCoilActiveElements": "HC1-7;NC1",
    "PulseSequenceDetails": "%CustomerSeq%_cmrr_mbep2d_bold",
    "WipMemBlock": "580aa33d-11c1-4d49-a39c-f10b16644131||Sequence: vd13d/master r/0d08c20; Mar  9 2017 09:28:48 by eja",
    "ConsistencyInfo": "N4_VD13D_LATEST_20130810",
    "MultibandAccelerationFactor": 8,
    "PercentPhaseFOV": 100,
    "EchoTrainLength": 78,
    "PhaseEncodingSteps": 78,
    "AcquisitionMatrixPE": 104,
    "ReconMatrixPE": 104,
    "BandwidthPerPixelPhaseEncode": 16.578,
    "EffectiveEchoSpacing": 0.000580009,
    "DerivedVendorReportedEchoSpacing": 0.000580009,
    "TotalReadoutTime": 0.0597409,
    "PixelBandwidth": 2290,
    "DwellTime": 2.1e-06,
    "PhaseEncodingDirection": "j",
    "SliceTiming": [
        0,
        0.49,
        0.0975,
        0.5875,
        0.195,
        0.685,
        0.2925,
        0.7825,
        0.3925,
        0,
        0.49,
        0.0975,
        0.5875,
        0.195,
        0.685,
        0.2925,
        0.7825,
        0.3925,
        0,
        0.49,
        0.0975,
        0.5875,
        0.195,
        0.685,
        0.2925,
        0.7825,
        0.3925,
        0,
        0.49,
        0.0975,
        0.5875,
        0.195,
        0.685,
        0.2925,
        0.7825,
        0.3925,
        0,
        0.49,
        0.0975,
        0.5875,
        0.195,
        0.685,
        0.2925,
        0.7825,
        0.3925,
        0,
        0.49,
        0.0975,
        0.5875,
        0.195,
        0.685,
        0.2925,
        0.7825,
        0.3925,
        0,
        0.49,
        0.0975,
        0.5875,
        0.195,
        0.685,
        0.2925,
        0.7825,
        0.3925,
        0,
        0.49,
        0.0975,
        0.5875,
        0.195,
        0.685,
        0.2925,
        0.7825,
        0.3925
    ],
    "ImageOrientationPatientDICOM": [
        1,
        0,
        0,
        0,
        0.959314,
        -0.282341
    ],
    "InPlanePhaseEncodingDirectionDICOM": "COL",
    "ConversionSoftware": "dcm2niix",
    "ConversionSoftwareVersion": "v1.0.20181114  Clang4.0.1",
    "Dcm2bidsVersion": "2.1.6",
    "TaskName": "rest"
}