{
	"Modality": "MR",
	"MagneticFieldStrength": 3,
	"ImagingFrequency": 123.255,
	"Manufacturer": "Siemens",
	"ManufacturersModelName": "Prisma_fit",
	"InstitutionName": "H_Albert_Einstein",
	"InstitutionalDepartmentName": "Department",
	"InstitutionAddress": "-_-_Sao_Paulo_District_BR_-",
	"DeviceSerialNumber": "67047",
	"StationName": "MRC35223",
	"BodyPartExamined": "HEAD",
	"PatientPosition": "HFS",
	"ProcedureStepDescription": "Pesquisa_Prisma_Distonia",
	"SoftwareVersions": "syngo_MR_D13D",
	"MRAcquisitionType": "2D",
	"SeriesDescription": "DICOMcmrr_mbep2d_diff_2mm_MB3_68d_AP",
	"ProtocolName": "DICOMcmrr_mbep2d_diff_2mm_MB3_68d_AP",
	"ScanningSequence": "EP",
	"SequenceVariant": "SK_SS",
	"ScanOptions": "PFP_FS",
	"SequenceName": "ep_b5#1",
	"ImageType": ["ORIGINAL", "PRIMARY", "DIFFUSION", "NONE", "MB", "ND", "NORM"],
	"SeriesNumber": 11,
	"AcquisitionTime": "14:24:28.900000",
	"AcquisitionNumber": 1,
	"ImageComments": "Unaliased_MB3_PE3_LB",
	"SliceThickness": 2,
	"SpacingBetweenSlices": 2,
	"SAR": 0.26845,
	"EchoTime": 0.0842,
	"RepetitionTime": 3.151,
	"FlipAngle": 90,
	"PartialFourier": 0.75,
	"BaseResolution": 128,
	"ShimSetting": [
		5278,
		-4231,
		-934,
		314,
		287,
		-135,
		109,
		-218	],
	"DiffusionScheme": "Bipolar",
	"TxRefAmp": 237.464,
	"PhaseResolution": 1,
	"ReceiveCoilName": "HeadNeck_64",
	"ReceiveCoilActiveElements": "HC1-7;NC1",
	"PulseSequenceDetails": "%CustomerSeq%_cmrr_mbep2d_diff",
	"WipMemBlock": "6ac460d6-2276-4c9d-aaca-da222593b514||Sequence: R016 vd13d/master r/9483a2f6; Dec 19 2017 12:22:03 by eja",
	"ConsistencyInfo": "N4_VD13D_LATEST_20130810",
	"MultibandAccelerationFactor": 3,
	"PercentPhaseFOV": 100,
	"PercentSampling": 100,
	"EchoTrainLength": 96,
	"PhaseEncodingSteps": 96,
	"AcquisitionMatrixPE": 128,
	"ReconMatrixPE": 128,
	"BandwidthPerPixelPhaseEncode": 13.706,
	"EffectiveEchoSpacing": 0.000570006,
	"DerivedVendorReportedEchoSpacing": 0.000570006,
	"TotalReadoutTime": 0.0723907,
	"PixelBandwidth": 2170,
	"DwellTime": 1.8e-06,
	"PhaseEncodingDirection": "j-",
	"SliceTiming": [
		0,
		1.625,
		0.125,
		1.76562,
		0.26562,
		1.90625,
		0.40625,
		2.03125,
		0.53125,
		2.17188,
		0.67188,
		2.3125,
		0.8125,
		2.4375,
		0.95312,
		2.57812,
		1.07812,
		2.71875,
		1.21875,
		2.84375,
		1.35938,
		2.98438,
		1.48438,
		0,
		1.625,
		0.125,
		1.76562,
		0.26562,
		1.90625,
		0.40625,
		2.03125,
		0.53125,
		2.17188,
		0.67188,
		2.3125,
		0.8125,
		2.4375,
		0.95312,
		2.57812,
		1.07812,
		2.71875,
		1.21875,
		2.84375,
		1.35938,
		2.98438,
		1.48438,
		0,
		1.625,
		0.125,
		1.76562,
		0.26562,
		1.90625,
		0.40625,
		2.03125,
		0.53125,
		2.17188,
		0.67188,
		2.3125,
		0.8125,
		2.4375,
		0.95312,
		2.57812,
		1.07812,
		2.71875,
		1.21875,
		2.84375,
		1.35938,
		2.98438,
		1.48438	],
	"ImageOrientationPatientDICOM": [
		0.999999,
		-8.51342e-05,
		-0.00174116,
		-2.30177e-08,
		0.998806,
		-0.0488498	],
	"InPlanePhaseEncodingDirectionDICOM": "COL",
	"ConversionSoftware": "dcm2niix",
	"ConversionSoftwareVersion": "v1.0.20200331"
}
