{
	"Modality": "MR",
	"MagneticFieldStrength": 3,
	"ImagingFrequency": 123.254,
	"Manufacturer": "Siemens",
	"ManufacturersModelName": "Prisma_fit",
	"InstitutionName": "H_Albert_Einstein",
	"InstitutionalDepartmentName": "Department",
	"InstitutionAddress": "-_-_Sao_Paulo_District_BR_-",
	"DeviceSerialNumber": "67047",
	"StationName": "MRC35223",
	"BodyPartExamined": "HEAD",
	"PatientPosition": "HFS",
	"ProcedureStepDescription": "Pesquisa_Prisma_Distonia",
	"SoftwareVersions": "syngo_MR_D13D",
	"MRAcquisitionType": "2D",
	"SeriesDescription": "DICOMcmrr_mbep2d_diff_2mm_MB3_68d_AP",
	"ProtocolName": "DICOMcmrr_mbep2d_diff_2mm_MB3_68d_AP",
	"ScanningSequence": "EP",
	"SequenceVariant": "SK_SS",
	"ScanOptions": "PFP_FS",
	"SequenceName": "ep_b5#1",
	"ImageType": ["ORIGINAL", "PRIMARY", "DIFFUSION", "NONE", "MB", "ND", "NORM"],
	"SeriesNumber": 14,
	"AcquisitionTime": "14:45:9.680000",
	"AcquisitionNumber": 1,
	"ImageComments": "Unaliased_MB3_PE3_LB",
	"SliceThickness": 2,
	"SpacingBetweenSlices": 2,
	"SAR": 0.30008,
	"EchoTime": 0.0842,
	"RepetitionTime": 3.151,
	"FlipAngle": 90,
	"PartialFourier": 0.75,
	"BaseResolution": 128,
	"ShimSetting": [
		5288,
		-4235,
		-954,
		347,
		339,
		-161,
		4,
		-250	],
	"DiffusionScheme": "Bipolar",
	"TxRefAmp": 234.159,
	"PhaseResolution": 1,
	"ReceiveCoilName": "HeadNeck_64",
	"ReceiveCoilActiveElements": "HC1-7",
	"PulseSequenceDetails": "%CustomerSeq%_cmrr_mbep2d_diff",
	"WipMemBlock": "7f29e78c-79bb-4002-9d90-bf838e7cbd79||Sequence: vd13d/master r/0d08c20; Mar  9 2017 09:29:16 by eja",
	"ConsistencyInfo": "N4_VD13D_LATEST_20130810",
	"MultibandAccelerationFactor": 3,
	"PercentPhaseFOV": 100,
	"PercentSampling": 100,
	"EchoTrainLength": 96,
	"PhaseEncodingSteps": 96,
	"AcquisitionMatrixPE": 128,
	"ReconMatrixPE": 128,
	"BandwidthPerPixelPhaseEncode": 13.706,
	"EffectiveEchoSpacing": 0.000570006,
	"DerivedVendorReportedEchoSpacing": 0.000570006,
	"TotalReadoutTime": 0.0723907,
	"PixelBandwidth": 2170,
	"DwellTime": 1.8e-06,
	"PhaseEncodingDirection": "j-",
	"SliceTiming": [
		0,
		1.625,
		0.125,
		1.76562,
		0.26562,
		1.89062,
		0.40625,
		2.03125,
		0.53125,
		2.17188,
		0.67188,
		2.3125,
		0.8125,
		2.4375,
		0.9375,
		2.57812,
		1.07812,
		2.71875,
		1.21875,
		2.84375,
		1.35938,
		2.98438,
		1.48438,
		0,
		1.625,
		0.125,
		1.76562,
		0.26562,
		1.89062,
		0.40625,
		2.03125,
		0.53125,
		2.17188,
		0.67188,
		2.3125,
		0.8125,
		2.4375,
		0.9375,
		2.57812,
		1.07812,
		2.71875,
		1.21875,
		2.84375,
		1.35938,
		2.98438,
		1.48438,
		0,
		1.625,
		0.125,
		1.76562,
		0.26562,
		1.89062,
		0.40625,
		2.03125,
		0.53125,
		2.17188,
		0.67188,
		2.3125,
		0.8125,
		2.4375,
		0.9375,
		2.57812,
		1.07812,
		2.71875,
		1.21875,
		2.84375,
		1.35938,
		2.98438,
		1.48438	],
	"ImageOrientationPatientDICOM": [
		1,
		0,
		0,
		0,
		0.992115,
		-0.125333	],
	"InPlanePhaseEncodingDirectionDICOM": "COL",
	"ConversionSoftware": "dcm2niix",
	"ConversionSoftwareVersion": "v1.0.20200331"
}
