{
    "Modality": "MR",
    "MagneticFieldStrength": 3,
    "ImagingFrequency": 123.26,
    "Manufacturer": "Siemens",
    "ManufacturersModelName": "Prisma_fit",
    "InstitutionName": "H_Albert_Einstein",
    "InstitutionalDepartmentName": "Department",
    "InstitutionAddress": "-_-_Sao_Paulo_District_BR_-",
    "DeviceSerialNumber": "67047",
    "StationName": "MRC35223",
    "BodyPartExamined": "BRAIN",
    "PatientPosition": "HFS",
    "ProcedureStepDescription": "Pesquisa_Prisma_Distonia",
    "SoftwareVersions": "syngo_MR_E11",
    "MRAcquisitionType": "2D",
    "SeriesDescription": "Rest_MB8_TR900_(OLHO_ABERTO)_AP",
    "ProtocolName": "Rest_MB8_TR900_(OLHO_ABERTO)_AP",
    "ScanningSequence": "EP",
    "SequenceVariant": "SK_SS",
    "ScanOptions": "PFP_FS",
    "SequenceName": "epfid2d1_104",
    "ImageType": [
        "ORIGINAL",
        "PRIMARY",
        "M",
        "MB",
        "ND",
        "NORM",
        "MOSAIC"
    ],
    "SeriesNumber": 8,
    "AcquisitionTime": "10:21:23.690000",
    "AcquisitionNumber": 1,
    "ImageComments": "Unaliased_MB8_PE3",
    "SliceThickness": 2,
    "SpacingBetweenSlices": 2.2,
    "SAR": 0.0444604,
    "EchoTime": 0.033,
    "RepetitionTime": 0.9,
    "FlipAngle": 52,
    "PartialFourier": 0.75,
    "BaseResolution": 104,
    "ShimSetting": [
        5284,
        -4252,
        -964,
        235,
        525,
        -237,
        41,
        -182
    ],
    "TxRefAmp": 257.982,
    "PhaseResolution": 1,
    "ReceiveCoilName": "HeadNeck_64",
    "ReceiveCoilActiveElements": "HC1-7",
    "PulseSequenceDetails": "%CustomerSeq%_cmrr_mbep2d_bold",
    "WipMemBlock": "75d4532e-05cc-4309-8dfb-a96e3de6dff0||Sequence: R016 ve11c/master r/e634e98; Dec 19 2017 11:00:25 by eja",
    "ConsistencyInfo": "N4_VE11C_LATEST_20160120",
    "MultibandAccelerationFactor": 8,
    "PercentPhaseFOV": 100,
    "EchoTrainLength": 78,
    "PhaseEncodingSteps": 78,
    "AcquisitionMatrixPE": 104,
    "ReconMatrixPE": 104,
    "BandwidthPerPixelPhaseEncode": 12.652,
    "EffectiveEchoSpacing": 0.000759989,
    "DerivedVendorReportedEchoSpacing": 0.000759989,
    "TotalReadoutTime": 0.0782789,
    "PixelBandwidth": 2290,
    "DwellTime": 2.1e-06,
    "PhaseEncodingDirection": "i-",
    "SliceTiming": [
        0,
        0.49,
        0.0975,
        0.5875,
        0.195,
        0.685,
        0.2925,
        0.7825,
        0.39,
        0,
        0.49,
        0.0975,
        0.5875,
        0.195,
        0.685,
        0.2925,
        0.7825,
        0.39,
        0,
        0.49,
        0.0975,
        0.5875,
        0.195,
        0.685,
        0.2925,
        0.7825,
        0.39,
        0,
        0.49,
        0.0975,
        0.5875,
        0.195,
        0.685,
        0.2925,
        0.7825,
        0.39,
        0,
        0.49,
        0.0975,
        0.5875,
        0.195,
        0.685,
        0.2925,
        0.7825,
        0.39,
        0,
        0.49,
        0.0975,
        0.5875,
        0.195,
        0.685,
        0.2925,
        0.7825,
        0.39,
        0,
        0.49,
        0.0975,
        0.5875,
        0.195,
        0.685,
        0.2925,
        0.7825,
        0.39,
        0,
        0.49,
        0.0975,
        0.5875,
        0.195,
        0.685,
        0.2925,
        0.7825,
        0.39
    ],
    "ImageOrientationPatientDICOM": [
        1,
        4.896e-12,
        0,
        -4.896e-12,
        1,
        0
    ],
    "InPlanePhaseEncodingDirectionDICOM": "ROW",
    "ConversionSoftware": "dcm2niix",
    "ConversionSoftwareVersion": "v1.0.20181114  Clang4.0.1",
    "Dcm2bidsVersion": "2.1.6",
    "TaskName": "rest"
}