{
	"Modality": "MR",
	"MagneticFieldStrength": 3,
	"ImagingFrequency": 123.254,
	"Manufacturer": "Siemens",
	"ManufacturersModelName": "Prisma_fit",
	"InstitutionName": "H_Albert_Einstein",
	"InstitutionalDepartmentName": "Department",
	"InstitutionAddress": "-_-_Sao_Paulo_District_BR_-",
	"DeviceSerialNumber": "67047",
	"StationName": "MRC35223",
	"BodyPartExamined": "HEAD",
	"PatientPosition": "HFS",
	"ProcedureStepDescription": "Pesquisa_Prisma_Distonia",
	"SoftwareVersions": "syngo_MR_D13D",
	"MRAcquisitionType": "2D",
	"SeriesDescription": "Rest_MB8_TR900_(OLHO_ABERTO)",
	"ProtocolName": "Rest_MB8_TR900_(OLHO_ABERTO)",
	"ScanningSequence": "EP",
	"SequenceVariant": "SK_SS",
	"ScanOptions": "PFP_FS",
	"SequenceName": "epfid2d1_104",
	"ImageType": ["ORIGINAL", "PRIMARY", "M", "MB", "ND", "NORM", "MOSAIC"],
	"SeriesNumber": 8,
	"AcquisitionTime": "15:17:29.862500",
	"AcquisitionNumber": 1,
	"ImageComments": "Unaliased_MB8_PE3",
	"SliceThickness": 2,
	"SpacingBetweenSlices": 2.2,
	"SAR": 0.0311435,
	"EchoTime": 0.033,
	"RepetitionTime": 0.9,
	"FlipAngle": 52,
	"PartialFourier": 0.75,
	"BaseResolution": 104,
	"ShimSetting": [
		5265,
		-4232,
		-915,
		443,
		220,
		-185,
		207,
		-253	],
	"TxRefAmp": 214.584,
	"PhaseResolution": 1,
	"ReceiveCoilName": "HeadNeck_64",
	"ReceiveCoilActiveElements": "HC1-7",
	"PulseSequenceDetails": "%CustomerSeq%_cmrr_mbep2d_bold",
	"WipMemBlock": "c8954c40-3cd1-46a4-96bc-54558e75f036||Sequence: vd13d/master r/0d08c20; Mar  9 2017 09:28:48 by eja",
	"ConsistencyInfo": "N4_VD13D_LATEST_20130810",
	"MultibandAccelerationFactor": 8,
	"PercentPhaseFOV": 100,
	"EchoTrainLength": 78,
	"PhaseEncodingSteps": 78,
	"AcquisitionMatrixPE": 104,
	"ReconMatrixPE": 104,
	"BandwidthPerPixelPhaseEncode": 16.578,
	"EffectiveEchoSpacing": 0.000580009,
	"DerivedVendorReportedEchoSpacing": 0.000580009,
	"TotalReadoutTime": 0.0597409,
	"PixelBandwidth": 2290,
	"DwellTime": 2.1e-06,
	"PhaseEncodingDirection": "j",
	"SliceTiming": [
		0,
		0.49,
		0.1,
		0.5875,
		0.1975,
		0.685,
		0.295,
		0.7825,
		0.3925,
		0,
		0.49,
		0.1,
		0.5875,
		0.1975,
		0.685,
		0.295,
		0.7825,
		0.3925,
		0,
		0.49,
		0.1,
		0.5875,
		0.1975,
		0.685,
		0.295,
		0.7825,
		0.3925,
		0,
		0.49,
		0.1,
		0.5875,
		0.1975,
		0.685,
		0.295,
		0.7825,
		0.3925,
		0,
		0.49,
		0.1,
		0.5875,
		0.1975,
		0.685,
		0.295,
		0.7825,
		0.3925,
		0,
		0.49,
		0.1,
		0.5875,
		0.1975,
		0.685,
		0.295,
		0.7825,
		0.3925,
		0,
		0.49,
		0.1,
		0.5875,
		0.1975,
		0.685,
		0.295,
		0.7825,
		0.3925,
		0,
		0.49,
		0.1,
		0.5875,
		0.1975,
		0.685,
		0.295,
		0.7825,
		0.3925	],
	"ImageOrientationPatientDICOM": [
		0.999962,
		3.04881e-05,
		-0.00872643,
		-2.58572e-08,
		0.999994,
		0.00349078	],
	"InPlanePhaseEncodingDirectionDICOM": "COL",
	"ConversionSoftware": "dcm2niix",
	"ConversionSoftwareVersion": "v1.0.20181114  Clang4.0.1",
	"TaskName": "rest"
}
