{
    "Modality": "MR",
    "MagneticFieldStrength": 3,
    "ImagingFrequency": 123.254,
    "Manufacturer": "Siemens",
    "ManufacturersModelName": "Prisma_fit",
    "InstitutionName": "H_Albert_Einstein",
    "InstitutionalDepartmentName": "Department",
    "InstitutionAddress": "-_-_Sao_Paulo_District_BR_-",
    "DeviceSerialNumber": "67047",
    "StationName": "MRC35223",
    "BodyPartExamined": "HEAD",
    "PatientPosition": "HFS",
    "ProcedureStepDescription": "Pesquisa_Prisma_Distonia",
    "SoftwareVersions": "syngo_MR_D13D",
    "MRAcquisitionType": "2D",
    "SeriesDescription": "DTI_phase_PA",
    "ProtocolName": "DTI_phase_PA",
    "ScanningSequence": "EP",
    "SequenceVariant": "SK_SS",
    "ScanOptions": "PFP_FS",
    "SequenceName": "ep_b5#1",
    "ImageType": [
        "ORIGINAL",
        "PRIMARY",
        "DIFFUSION",
        "NONE",
        "MB",
        "ND",
        "NORM"
    ],
    "SeriesNumber": 14,
    "AcquisitionTime": "14:19:6.160000",
    "AcquisitionNumber": 1,
    "ImageComments": "Unaliased_MB3_PE3_LB",
    "SliceThickness": 2,
    "SpacingBetweenSlices": 2,
    "SAR": 0.160567,
    "EchoTime": 0.0842,
    "RepetitionTime": 3.151,
    "FlipAngle": 90,
    "PartialFourier": 0.75,
    "BaseResolution": 128,
    "ShimSetting": [
        5279,
        -4208,
        -981,
        250,
        226,
        -182,
        76,
        -240
    ],
    "TxRefAmp": 245.498,
    "PhaseResolution": 1,
    "ReceiveCoilName": "HeadNeck_64",
    "ReceiveCoilActiveElements": "HC3-7;NC1",
    "PulseSequenceDetails": "%CustomerSeq%_cmrr_mbep2d_diff",
    "WipMemBlock": "942c74ac-36c3-4336-8013-15fd265582ac||Sequence: vd13d/master r/0d08c20; Mar  9 2017 09:29:16 by eja",
    "ConsistencyInfo": "N4_VD13D_LATEST_20130810",
    "PercentPhaseFOV": 100,
    "EchoTrainLength": 96,
    "PhaseEncodingSteps": 96,
    "AcquisitionMatrixPE": 128,
    "ReconMatrixPE": 128,
    "BandwidthPerPixelPhaseEncode": 13.706,
    "EffectiveEchoSpacing": 0.000570006,
    "DerivedVendorReportedEchoSpacing": 0.000570006,
    "TotalReadoutTime": 0.0723907,
    "PixelBandwidth": 2170,
    "DwellTime": 1.8e-06,
    "PhaseEncodingDirection": "j",
    "ImageOrientationPatientDICOM": [
        0.999877,
        0.00120163,
        0.0156149,
        1.77262e-08,
        0.997052,
        -0.0767284
    ],
    "InPlanePhaseEncodingDirectionDICOM": "COL",
    "ConversionSoftware": "dcm2niix",
    "ConversionSoftwareVersion": "v1.0.20181114  Clang4.0.1",
    "Dcm2bidsVersion": "2.1.6"
}