{
	"Modality": "MR",
	"MagneticFieldStrength": 3,
	"ImagingFrequency": 123.255,
	"Manufacturer": "Siemens",
	"ManufacturersModelName": "Prisma_fit",
	"InstitutionName": "H_Albert_Einstein",
	"InstitutionalDepartmentName": "Department",
	"InstitutionAddress": "-_-_Sao_Paulo_District_BR_-",
	"DeviceSerialNumber": "67047",
	"StationName": "MRC35223",
	"BodyPartExamined": "HEAD",
	"PatientPosition": "HFS",
	"ProcedureStepDescription": "Pesquisa_Prisma_Distonia",
	"SoftwareVersions": "syngo_MR_D13D",
	"MRAcquisitionType": "2D",
	"SeriesDescription": "DICOMcmrr_mbep2d_diff_2mm_MB3_68d_AP",
	"ProtocolName": "DICOMcmrr_mbep2d_diff_2mm_MB3_68d_AP",
	"ScanningSequence": "EP",
	"SequenceVariant": "SK_SS",
	"ScanOptions": "PFP_FS",
	"SequenceName": "ep_b5#1",
	"ImageType": ["ORIGINAL", "PRIMARY", "DIFFUSION", "NONE", "MB", "ND", "NORM"],
	"SeriesNumber": 12,
	"AcquisitionTime": "14:46:16.195000",
	"AcquisitionNumber": 1,
	"ImageComments": "Unaliased_MB3_PE3_LB",
	"SliceThickness": 2,
	"SpacingBetweenSlices": 2,
	"SAR": 0.215511,
	"EchoTime": 0.0842,
	"RepetitionTime": 3.151,
	"FlipAngle": 90,
	"PartialFourier": 0.75,
	"BaseResolution": 128,
	"ShimSetting": [
		5253,
		-4249,
		-937,
		184,
		294,
		-201,
		66,
		-276	],
	"DiffusionScheme": "Bipolar",
	"TxRefAmp": 213.752,
	"PhaseResolution": 1,
	"ReceiveCoilName": "HeadNeck_64",
	"ReceiveCoilActiveElements": "HC1-7;NC1",
	"PulseSequenceDetails": "%CustomerSeq%_cmrr_mbep2d_diff",
	"WipMemBlock": "fc5ba5c9-ffe6-4de9-8e53-8b952f50a6da||Sequence: R016 vd13d/master r/9483a2f6; Dec 19 2017 12:22:03 by eja",
	"ConsistencyInfo": "N4_VD13D_LATEST_20130810",
	"MultibandAccelerationFactor": 3,
	"PercentPhaseFOV": 100,
	"PercentSampling": 100,
	"EchoTrainLength": 96,
	"PhaseEncodingSteps": 96,
	"AcquisitionMatrixPE": 128,
	"ReconMatrixPE": 128,
	"BandwidthPerPixelPhaseEncode": 13.706,
	"EffectiveEchoSpacing": 0.000570006,
	"DerivedVendorReportedEchoSpacing": 0.000570006,
	"TotalReadoutTime": 0.0723907,
	"PixelBandwidth": 2170,
	"DwellTime": 1.8e-06,
	"PhaseEncodingDirection": "j-",
	"SliceTiming": [
		0,
		1.64062,
		0.14062,
		1.78125,
		0.28125,
		1.92188,
		0.42188,
		2.04688,
		0.54688,
		2.1875,
		0.6875,
		2.32812,
		0.82812,
		2.45312,
		0.96875,
		2.59375,
		1.09375,
		2.73438,
		1.23438,
		2.875,
		1.375,
		3,
		1.5,
		0,
		1.64062,
		0.14062,
		1.78125,
		0.28125,
		1.92188,
		0.42188,
		2.04688,
		0.54688,
		2.1875,
		0.6875,
		2.32812,
		0.82812,
		2.45312,
		0.96875,
		2.59375,
		1.09375,
		2.73438,
		1.23438,
		2.875,
		1.375,
		3,
		1.5,
		0,
		1.64062,
		0.14062,
		1.78125,
		0.28125,
		1.92188,
		0.42188,
		2.04688,
		0.54688,
		2.1875,
		0.6875,
		2.32812,
		0.82812,
		2.45312,
		0.96875,
		2.59375,
		1.09375,
		2.73438,
		1.23438,
		2.875,
		1.375,
		3,
		1.5	],
	"ImageOrientationPatientDICOM": [
		0.999056,
		0.00386583,
		-0.0432744,
		-1.5467e-08,
		0.996034,
		0.0889783	],
	"InPlanePhaseEncodingDirectionDICOM": "COL",
	"ConversionSoftware": "dcm2niix",
	"ConversionSoftwareVersion": "v1.0.20200331"
}
