{
    "Modality": "MR",
    "MagneticFieldStrength": 3,
    "ImagingFrequency": 123.254,
    "Manufacturer": "Siemens",
    "ManufacturersModelName": "Prisma_fit",
    "InstitutionName": "H_Albert_Einstein",
    "InstitutionalDepartmentName": "Department",
    "InstitutionAddress": "-_-_Sao_Paulo_District_BR_-",
    "DeviceSerialNumber": "67047",
    "StationName": "MRC35223",
    "BodyPartExamined": "HEAD",
    "PatientPosition": "HFS",
    "ProcedureStepDescription": "Pesquisa_Prisma_Distonia",
    "SoftwareVersions": "syngo_MR_D13D",
    "MRAcquisitionType": "2D",
    "SeriesDescription": "Rest_MB8_TR900_(OLHO_ABERTO)_AP",
    "ProtocolName": "Rest_MB8_TR900_(OLHO_ABERTO)_AP",
    "ScanningSequence": "EP",
    "SequenceVariant": "SK_SS",
    "ScanOptions": "PFP_FS",
    "SequenceName": "epfid2d1_104",
    "ImageType": [
        "ORIGINAL",
        "PRIMARY",
        "M",
        "MB",
        "ND",
        "NORM",
        "MOSAIC"
    ],
    "SeriesNumber": 13,
    "AcquisitionTime": "14:34:31.247500",
    "AcquisitionNumber": 1,
    "ImageComments": "Unaliased_MB8_PE3",
    "SliceThickness": 2,
    "SpacingBetweenSlices": 2.2,
    "SAR": 0.036511,
    "EchoTime": 0.033,
    "RepetitionTime": 0.9,
    "FlipAngle": 52,
    "PartialFourier": 0.75,
    "BaseResolution": 104,
    "ShimSetting": [
        5259,
        -4249,
        -1026,
        243,
        316,
        -252,
        -15,
        -239
    ],
    "TxRefAmp": 257.695,
    "PhaseResolution": 1,
    "ReceiveCoilName": "HeadNeck_64",
    "ReceiveCoilActiveElements": "HC1-7;NC1",
    "PulseSequenceDetails": "%CustomerSeq%_cmrr_mbep2d_bold",
    "WipMemBlock": "6fc10aaa-219b-4f5d-8f00-3ce0cdf10287||Sequence: R016 vd13d/master r/9483a2f6; Dec 19 2017 12:17:24 by eja",
    "ConsistencyInfo": "N4_VD13D_LATEST_20130810",
    "MultibandAccelerationFactor": 8,
    "PercentPhaseFOV": 100,
    "EchoTrainLength": 78,
    "PhaseEncodingSteps": 78,
    "AcquisitionMatrixPE": 104,
    "ReconMatrixPE": 104,
    "BandwidthPerPixelPhaseEncode": 16.578,
    "EffectiveEchoSpacing": 0.000580009,
    "DerivedVendorReportedEchoSpacing": 0.000580009,
    "TotalReadoutTime": 0.0597409,
    "PixelBandwidth": 2290,
    "DwellTime": 2.1e-06,
    "PhaseEncodingDirection": "j",
    "SliceTiming": [
        0,
        0.49,
        0.0975,
        0.5875,
        0.195,
        0.685,
        0.295,
        0.7825,
        0.3925,
        0,
        0.49,
        0.0975,
        0.5875,
        0.195,
        0.685,
        0.295,
        0.7825,
        0.3925,
        0,
        0.49,
        0.0975,
        0.5875,
        0.195,
        0.685,
        0.295,
        0.7825,
        0.3925,
        0,
        0.49,
        0.0975,
        0.5875,
        0.195,
        0.685,
        0.295,
        0.7825,
        0.3925,
        0,
        0.49,
        0.0975,
        0.5875,
        0.195,
        0.685,
        0.295,
        0.7825,
        0.3925,
        0,
        0.49,
        0.0975,
        0.5875,
        0.195,
        0.685,
        0.295,
        0.7825,
        0.3925,
        0,
        0.49,
        0.0975,
        0.5875,
        0.195,
        0.685,
        0.295,
        0.7825,
        0.3925,
        0,
        0.49,
        0.0975,
        0.5875,
        0.195,
        0.685,
        0.295,
        0.7825,
        0.3925
    ],
    "ImageOrientationPatientDICOM": [
        0.99874,
        -0.0031612,
        -0.0500738,
        -5.7471e-08,
        0.998013,
        -0.0630065
    ],
    "InPlanePhaseEncodingDirectionDICOM": "COL",
    "ConversionSoftware": "dcm2niix",
    "ConversionSoftwareVersion": "v1.0.20181114  Clang4.0.1",
    "Dcm2bidsVersion": "2.1.6",
    "TaskName": "rest"
}