{
	"Modality": "MR",
	"MagneticFieldStrength": 3,
	"ImagingFrequency": 123.26,
	"Manufacturer": "Siemens",
	"ManufacturersModelName": "Prisma_fit",
	"InstitutionName": "H Albert Einstein",
	"InstitutionalDepartmentName": "Department",
	"InstitutionAddress": "- -,Sao Paulo,District,BR,-",
	"DeviceSerialNumber": "67047",
	"StationName": "MRC35223",
	"BodyPartExamined": "BRAIN",
	"PatientPosition": "HFS",
	"ProcedureStepDescription": "Pesquisa_Prisma^Distonia",
	"SoftwareVersions": "syngo MR E11",
	"MRAcquisitionType": "2D",
	"SeriesDescription": "DICOMcmrr_mbep2d_diff_2mm_MB3_68d_AP",
	"ProtocolName": "DICOMcmrr_mbep2d_diff_2mm_MB3_68d_AP",
	"ScanningSequence": "EP",
	"SequenceVariant": "SK\\SS",
	"ScanOptions": "PFP\\FS",
	"SequenceName": "ep_b5#1",
	"ImageType": ["ORIGINAL", "PRIMARY", "DIFFUSION", "NONE", "MB", "ND", "NORM", "MOSAIC"],
	"SeriesNumber": 11,
	"AcquisitionTime": "14:40:40.225000",
	"AcquisitionNumber": 1,
	"ImageComments": "Unaliased MB3/PE3/LB",
	"SliceThickness": 2,
	"SpacingBetweenSlices": 2,
	"SAR": 0.231189,
	"EchoTime": 0.0842,
	"RepetitionTime": 3.151,
	"FlipAngle": 90,
	"PartialFourier": 0.75,
	"BaseResolution": 128,
	"ShimSetting": [
		5274,
		-4354,
		-898,
		354,
		504,
		-231,
		240,
		-242	],
	"DiffusionScheme": "Bipolar",
	"TxRefAmp": 210.887,
	"PhaseResolution": 1,
	"ReceiveCoilName": "HeadNeck_64",
	"ReceiveCoilActiveElements": "HC1-6",
	"PulseSequenceDetails": "%CustomerSeq%\\cmrr_mbep2d_diff",
	"WipMemBlock": "7b02eb5c-b5a3-47ac-8b4e-df61d2117c27||Sequence: R016 ve11c/master r/e634e98; Dec 19 2017 11:11:25 by eja",
	"ConsistencyInfo": "N4_VE11C_LATEST_20160120",
	"MultibandAccelerationFactor": 3,
	"PercentPhaseFOV": 100,
	"PercentSampling": 100,
	"EchoTrainLength": 96,
	"PhaseEncodingSteps": 96,
	"AcquisitionMatrixPE": 128,
	"ReconMatrixPE": 128,
	"BandwidthPerPixelPhaseEncode": 13.706,
	"EffectiveEchoSpacing": 0.000570006,
	"DerivedVendorReportedEchoSpacing": 0.000570006,
	"TotalReadoutTime": 0.0723907,
	"PixelBandwidth": 2170,
	"DwellTime": 1.8e-06,
	"PhaseEncodingDirection": "j-",
	"SliceTiming": [
		0,
		1.635,
		0.1375,
		1.77,
		0.2725,
		1.9075,
		0.41,
		2.0425,
		0.545,
		2.18,
		0.6825,
		2.315,
		0.8175,
		2.4525,
		0.955,
		2.5875,
		1.09,
		2.7225,
		1.225,
		2.86,
		1.3625,
		2.995,
		1.4975,
		0,
		1.635,
		0.1375,
		1.77,
		0.2725,
		1.9075,
		0.41,
		2.0425,
		0.545,
		2.18,
		0.6825,
		2.315,
		0.8175,
		2.4525,
		0.955,
		2.5875,
		1.09,
		2.7225,
		1.225,
		2.86,
		1.3625,
		2.995,
		1.4975,
		0,
		1.635,
		0.1375,
		1.77,
		0.2725,
		1.9075,
		0.41,
		2.0425,
		0.545,
		2.18,
		0.6825,
		2.315,
		0.8175,
		2.4525,
		0.955,
		2.5875,
		1.09,
		2.7225,
		1.225,
		2.86,
		1.3625,
		2.995,
		1.4975	],
	"ImageOrientationPatientDICOM": [
		1,
		0,
		0,
		0,
		1,
		0	],
	"InPlanePhaseEncodingDirectionDICOM": "COL",
	"ConversionSoftware": "dcm2niix",
	"ConversionSoftwareVersion": "v1.0.20201102"
}
