{
	"Modality": "MR",
	"MagneticFieldStrength": 3,
	"ImagingFrequency": 123.26,
	"Manufacturer": "Siemens",
	"ManufacturersModelName": "Prisma_fit",
	"InstitutionName": "H Albert Einstein",
	"InstitutionalDepartmentName": "Department",
	"InstitutionAddress": "- -,Sao Paulo,District,BR,-",
	"DeviceSerialNumber": "67047",
	"StationName": "MRC35223",
	"BodyPartExamined": "BRAIN",
	"PatientPosition": "HFS",
	"ProcedureStepDescription": "Pesquisa_Prisma^Distonia",
	"SoftwareVersions": "syngo MR E11",
	"MRAcquisitionType": "2D",
	"SeriesDescription": "DICOMcmrr_mbep2d_diff_2mm_MB3_68d_AP",
	"ProtocolName": "DICOMcmrr_mbep2d_diff_2mm_MB3_68d_AP",
	"ScanningSequence": "EP",
	"SequenceVariant": "SK\\SS",
	"ScanOptions": "PFP\\FS",
	"SequenceName": "ep_b5#1",
	"ImageType": ["ORIGINAL", "PRIMARY", "DIFFUSION", "NONE", "MB", "ND", "NORM", "MOSAIC"],
	"SeriesNumber": 15,
	"AcquisitionTime": "10:51:24.227500",
	"AcquisitionNumber": 1,
	"ImageComments": "Unaliased MB3/PE3/LB",
	"SliceThickness": 2,
	"SpacingBetweenSlices": 2,
	"SAR": 0.292396,
	"EchoTime": 0.0842,
	"RepetitionTime": 3.151,
	"FlipAngle": 90,
	"PartialFourier": 0.75,
	"BaseResolution": 128,
	"ShimSetting": [
		5274,
		-4239,
		-932,
		376,
		443,
		-188,
		-56,
		-213	],
	"DiffusionScheme": "Bipolar",
	"TxRefAmp": 252.32,
	"PhaseResolution": 1,
	"ReceiveCoilName": "HeadNeck_64",
	"ReceiveCoilActiveElements": "HC3-7",
	"PulseSequenceDetails": "%CustomerSeq%\\cmrr_mbep2d_diff",
	"WipMemBlock": "e45ebc33-f60a-458d-980a-fa5893a874ef||Sequence: R016 ve11c/master r/e634e98; Dec 19 2017 11:11:25 by eja",
	"ConsistencyInfo": "N4_VE11C_LATEST_20160120",
	"MultibandAccelerationFactor": 3,
	"PercentPhaseFOV": 100,
	"PercentSampling": 100,
	"EchoTrainLength": 96,
	"PhaseEncodingSteps": 96,
	"AcquisitionMatrixPE": 128,
	"ReconMatrixPE": 128,
	"BandwidthPerPixelPhaseEncode": 13.706,
	"EffectiveEchoSpacing": 0.000570006,
	"DerivedVendorReportedEchoSpacing": 0.000570006,
	"TotalReadoutTime": 0.0723907,
	"PixelBandwidth": 2170,
	"DwellTime": 1.8e-06,
	"PhaseEncodingDirection": "j-",
	"SliceTiming": [
		0,
		1.6325,
		0.135,
		1.7675,
		0.27,
		1.905,
		0.4075,
		2.04,
		0.5425,
		2.1775,
		0.68,
		2.3125,
		0.815,
		2.45,
		0.9525,
		2.585,
		1.0875,
		2.7225,
		1.225,
		2.8575,
		1.36,
		2.9925,
		1.495,
		0,
		1.6325,
		0.135,
		1.7675,
		0.27,
		1.905,
		0.4075,
		2.04,
		0.5425,
		2.1775,
		0.68,
		2.3125,
		0.815,
		2.45,
		0.9525,
		2.585,
		1.0875,
		2.7225,
		1.225,
		2.8575,
		1.36,
		2.9925,
		1.495,
		0,
		1.6325,
		0.135,
		1.7675,
		0.27,
		1.905,
		0.4075,
		2.04,
		0.5425,
		2.1775,
		0.68,
		2.3125,
		0.815,
		2.45,
		0.9525,
		2.585,
		1.0875,
		2.7225,
		1.225,
		2.8575,
		1.36,
		2.9925,
		1.495	],
	"ImageOrientationPatientDICOM": [
		1,
		0,
		0,
		0,
		1,
		0	],
	"InPlanePhaseEncodingDirectionDICOM": "COL",
	"ConversionSoftware": "dcm2niix",
	"ConversionSoftwareVersion": "v1.0.20201102"
}
