{
	"Modality": "MR",
	"MagneticFieldStrength": 3,
	"ImagingFrequency": 123.254,
	"Manufacturer": "Siemens",
	"ManufacturersModelName": "Prisma_fit",
	"InstitutionName": "H_Albert_Einstein",
	"InstitutionalDepartmentName": "Department",
	"InstitutionAddress": "-_-_Sao_Paulo_District_BR_-",
	"DeviceSerialNumber": "67047",
	"StationName": "MRC35223",
	"BodyPartExamined": "HEAD",
	"PatientPosition": "HFS",
	"ProcedureStepDescription": "Pesquisa_Prisma_Distonia",
	"SoftwareVersions": "syngo_MR_D13D",
	"MRAcquisitionType": "2D",
	"SeriesDescription": "DICOMcmrr_mbep2d_diff_2mm_MB3_68d",
	"ProtocolName": "DICOMcmrr_mbep2d_diff_2mm_MB3_68d",
	"ScanningSequence": "EP",
	"SequenceVariant": "SK_SS",
	"ScanOptions": "PFP_FS",
	"SequenceName": "ep_b5#1",
	"ImageType": ["ORIGINAL", "PRIMARY", "DIFFUSION", "NONE", "MB", "ND", "NORM"],
	"SeriesNumber": 12,
	"AcquisitionTime": "17:07:59.755000",
	"AcquisitionNumber": 1,
	"ImageComments": "Unaliased_MB3_PE3_LB",
	"SliceThickness": 2,
	"SpacingBetweenSlices": 2,
	"SAR": 0.257539,
	"EchoTime": 0.0842,
	"RepetitionTime": 3.151,
	"FlipAngle": 90,
	"PartialFourier": 0.75,
	"BaseResolution": 128,
	"ShimSetting": [
		5279,
		-4235,
		-974,
		359,
		164,
		-96,
		-14,
		-230	],
	"DiffusionScheme": "Bipolar",
	"TxRefAmp": 233.264,
	"PhaseResolution": 1,
	"ReceiveCoilName": "HeadNeck_64",
	"ReceiveCoilActiveElements": "HC1-7;NC1",
	"PulseSequenceDetails": "%CustomerSeq%_cmrr_mbep2d_diff",
	"WipMemBlock": "6b019031-0ab3-40a3-ace5-7dbaa7b74b73||Sequence: vd13d/master r/0d08c20; Mar  9 2017 09:29:16 by eja",
	"ConsistencyInfo": "N4_VD13D_LATEST_20130810",
	"MultibandAccelerationFactor": 3,
	"PercentPhaseFOV": 100,
	"PercentSampling": 100,
	"EchoTrainLength": 96,
	"PhaseEncodingSteps": 96,
	"AcquisitionMatrixPE": 128,
	"ReconMatrixPE": 128,
	"BandwidthPerPixelPhaseEncode": 13.706,
	"EffectiveEchoSpacing": 0.000570006,
	"DerivedVendorReportedEchoSpacing": 0.000570006,
	"TotalReadoutTime": 0.0723907,
	"PixelBandwidth": 2170,
	"DwellTime": 1.8e-06,
	"PhaseEncodingDirection": "j-",
	"SliceTiming": [
		0,
		1.64062,
		0.14062,
		1.78125,
		0.28125,
		1.90625,
		0.42188,
		2.04688,
		0.54688,
		2.1875,
		0.6875,
		2.3125,
		0.82812,
		2.45312,
		0.95312,
		2.59375,
		1.09375,
		2.73438,
		1.23438,
		2.85938,
		1.375,
		3,
		1.5,
		0,
		1.64062,
		0.14062,
		1.78125,
		0.28125,
		1.90625,
		0.42188,
		2.04688,
		0.54688,
		2.1875,
		0.6875,
		2.3125,
		0.82812,
		2.45312,
		0.95312,
		2.59375,
		1.09375,
		2.73438,
		1.23438,
		2.85938,
		1.375,
		3,
		1.5,
		0,
		1.64062,
		0.14062,
		1.78125,
		0.28125,
		1.90625,
		0.42188,
		2.04688,
		0.54688,
		2.1875,
		0.6875,
		2.3125,
		0.82812,
		2.45312,
		0.95312,
		2.59375,
		1.09375,
		2.73438,
		1.23438,
		2.85938,
		1.375,
		3,
		1.5	],
	"ImageOrientationPatientDICOM": [
		1,
		0,
		0,
		0,
		0.993373,
		-0.114937	],
	"InPlanePhaseEncodingDirectionDICOM": "COL",
	"ConversionSoftware": "dcm2niix",
	"ConversionSoftwareVersion": "v1.0.20200331"
}
