{
	"Modality": "MR",
	"MagneticFieldStrength": 3,
	"ImagingFrequency": 123.254,
	"Manufacturer": "Siemens",
	"ManufacturersModelName": "Prisma_fit",
	"InstitutionName": "H_Albert_Einstein",
	"InstitutionalDepartmentName": "Department",
	"InstitutionAddress": "-_-_Sao_Paulo_District_BR_-",
	"DeviceSerialNumber": "67047",
	"StationName": "MRC35223",
	"BodyPartExamined": "BRAIN",
	"PatientPosition": "HFS",
	"ProcedureStepDescription": "Pesquisa_Prisma_Distonia",
	"SoftwareVersions": "syngo_MR_E11",
	"MRAcquisitionType": "2D",
	"SeriesDescription": "DICOMcmrr_mbep2d_diff_2mm_MB3_68d_AP",
	"ProtocolName": "DICOMcmrr_mbep2d_diff_2mm_MB3_68d_AP",
	"ScanningSequence": "EP",
	"SequenceVariant": "SK_SS",
	"ScanOptions": "PFP_FS",
	"SequenceName": "ep_b5#1",
	"ImageType": ["ORIGINAL", "PRIMARY", "DIFFUSION", "NONE", "MB", "ND", "NORM", "MOSAIC"],
	"SeriesNumber": 11,
	"AcquisitionTime": "14:36:0.262500",
	"AcquisitionNumber": 1,
	"ImageComments": "Unaliased_MB3_PE3_LB",
	"SliceThickness": 2,
	"SpacingBetweenSlices": 2,
	"SAR": 0.227796,
	"EchoTime": 0.0842,
	"RepetitionTime": 3.151,
	"FlipAngle": 90,
	"PartialFourier": 0.75,
	"BaseResolution": 128,
	"ShimSetting": [
		5277,
		-4250,
		-909,
		330,
		363,
		-429,
		-46,
		-296	],
	"DiffusionScheme": "Bipolar",
	"TxRefAmp": 230.961,
	"PhaseResolution": 1,
	"ReceiveCoilName": "HeadNeck_64",
	"ReceiveCoilActiveElements": "HC3-7;NC1",
	"PulseSequenceDetails": "%CustomerSeq%_cmrr_mbep2d_diff",
	"WipMemBlock": "d59892b8-133f-4d5c-99ac-d4d10286341b||Sequence: R016 ve11c/master r/e634e98; Dec 19 2017 11:11:25 by eja",
	"ConsistencyInfo": "N4_VE11C_LATEST_20160120",
	"MultibandAccelerationFactor": 3,
	"PercentPhaseFOV": 100,
	"PercentSampling": 100,
	"EchoTrainLength": 96,
	"PhaseEncodingSteps": 96,
	"AcquisitionMatrixPE": 128,
	"ReconMatrixPE": 128,
	"BandwidthPerPixelPhaseEncode": 13.706,
	"EffectiveEchoSpacing": 0.000570006,
	"DerivedVendorReportedEchoSpacing": 0.000570006,
	"TotalReadoutTime": 0.0723907,
	"PixelBandwidth": 2170,
	"DwellTime": 1.8e-06,
	"PhaseEncodingDirection": "j-",
	"SliceTiming": [
		0,
		1.635,
		0.1375,
		1.77,
		0.2725,
		1.9075,
		0.41,
		2.0425,
		0.545,
		2.1775,
		0.6825,
		2.315,
		0.8175,
		2.45,
		0.9525,
		2.5875,
		1.09,
		2.7225,
		1.225,
		2.86,
		1.3625,
		2.995,
		1.4975,
		0,
		1.635,
		0.1375,
		1.77,
		0.2725,
		1.9075,
		0.41,
		2.0425,
		0.545,
		2.1775,
		0.6825,
		2.315,
		0.8175,
		2.45,
		0.9525,
		2.5875,
		1.09,
		2.7225,
		1.225,
		2.86,
		1.3625,
		2.995,
		1.4975,
		0,
		1.635,
		0.1375,
		1.77,
		0.2725,
		1.9075,
		0.41,
		2.0425,
		0.545,
		2.1775,
		0.6825,
		2.315,
		0.8175,
		2.45,
		0.9525,
		2.5875,
		1.09,
		2.7225,
		1.225,
		2.86,
		1.3625,
		2.995,
		1.4975	],
	"ImageOrientationPatientDICOM": [
		1,
		0,
		0,
		0,
		0.997053,
		-0.076719	],
	"InPlanePhaseEncodingDirectionDICOM": "COL",
	"ConversionSoftware": "dcm2niix",
	"ConversionSoftwareVersion": "v1.0.20200331"
}
